GEM
  remote: https://rubygems.org/
  specs:
    discordrb (3.2.1)
      discordrb-webhooks (~> 3.2.0.1)
      opus-ruby
      rbnacl (~> 3.4.0)
      rest-client
      websocket-client-simple (>= 0.3.0)
    discordrb-webhooks (3.2.0.1)
      rest-client
    domain_name (0.5.20170404)
      unf (>= 0.0.5, < 1.0.0)
    event_emitter (0.2.5)
    faraday (0.12.0.1)
      multipart-post (>= 1.2, < 3)
    ffi (1.9.18)
    http-cookie (1.0.3)
      domain_name (~> 0.5)
    http_router (0.11.2)
      rack (>= 1.0.0)
      url_mount (~> 0.2.1)
    i18n (0.8.1)
    ice_nine (0.11.2)
    lita (4.7.1)
      bundler (>= 1.3)
      faraday (>= 0.8.7)
      http_router (>= 0.11.2)
      i18n (>= 0.6.9)
      ice_nine (>= 0.11.0)
      multi_json (>= 1.7.7)
      puma (>= 2.7.1)
      rack (>= 1.5.2, < 2.0.0)
      rb-readline (>= 0.5.1)
      redis-namespace (>= 1.3.0)
      thor (>= 0.18.1)
    lita-discord_oauth (1.1.2)
      discordrb (>= 3.1.1)
    lita-onewheel-garfield (0.1.1)
      lita (~> 4)
    mime-types (3.1)
      mime-types-data (~> 3.2015)
    mime-types-data (3.2016.0521)
    multi_json (1.12.1)
    multipart-post (2.0.0)
    netrc (0.11.0)
    opus-ruby (1.0.1)
      ffi
    puma (3.8.2)
    rack (1.6.5)
    rb-readline (0.5.4)
    rbnacl (3.4.0)
      ffi
    redis (3.3.3)
    redis-namespace (1.5.3)
      redis (~> 3.0, >= 3.0.4)
    rest-client (2.0.1)
      http-cookie (>= 1.0.2, < 2.0)
      mime-types (>= 1.16, < 4.0)
      netrc (~> 0.8)
    thor (0.19.4)
    unf (0.1.4)
      unf_ext
    unf_ext (0.0.7.3)
    url_mount (0.2.1)
      rack
    websocket (1.2.4)
    websocket-client-simple (0.3.0)
      event_emitter
      websocket

PLATFORMS
  ruby

DEPENDENCIES
  lita
  lita-discord_oauth
  lita-onewheel-garfield
  redis

BUNDLED WITH
   1.14.6
